GEM
  remote: http://rubygems.org/
  specs:
    capistrano (2.14.2)
      highline
      net-scp (>= 1.0.0)
      net-sftp (>= 2.0.0)
      net-ssh (>= 2.0.14)
      net-ssh-gateway (>= 1.1.0)
    cinch (2.0.2)
    classifier (1.3.1)
      stemmer (>= 1.0.0)
    daemons (1.1.8)
    diff-lcs (1.1.3)
    highline (1.6.15)
    htmlentities (4.3.1)
    mime-types (1.19)
    multi_json (1.3.6)
    net-scp (1.1.0)
      net-ssh (>= 2.6.5)
    net-sftp (2.1.1)
      net-ssh (>= 2.6.5)
    net-ssh (2.6.5)
    net-ssh-gateway (1.2.0)
      net-ssh (>= 2.6.5)
    nokogiri (1.5.5)
    rack (1.4.1)
    rack-protection (1.2.0)
      rack
    rest-client (1.6.7)
      mime-types (>= 1.16)
    rspec (2.11.0)
      rspec-core (~> 2.11.0)
      rspec-expectations (~> 2.11.0)
      rspec-mocks (~> 2.11.0)
    rspec-core (2.11.1)
    rspec-expectations (2.11.3)
      diff-lcs (~> 1.1.3)
    rspec-mocks (2.11.2)
    simplecov (0.6.4)
      multi_json (~> 1.0)
      simplecov-html (~> 0.5.3)
    simplecov-html (0.5.3)
    sinatra (1.3.3)
      rack (~> 1.3, >= 1.3.6)
      rack-protection (~> 1.2)
      tilt (~> 1.3, >= 1.3.3)
    stemmer (1.0.1)
    tilt (1.3.3)
    twss (0.0.5)
      classifier (= 1.3.1)

PLATFORMS
  ruby

DEPENDENCIES
  capistrano
  cinch
  daemons
  htmlentities
  nokogiri
  rest-client
  rspec
  simplecov
  sinatra
  twss
